{
	"NiftiCreator": "dicm2nii.m 20161129",
	"SeriesNumber": 22,
	"SeriesDescription": "CBU_mbep2d_2mm_MB4_run2",
	"ImageType": "ORIGINAL\\PRIMARY\\M\\MB\\ND\\NORM\\MOSAIC",
	"Modality": "MR",
	"AcquisitionDateTime": "20170327161720.572500",
	"TotalReadoutTime": 0.072959416,
	"SliceTiming": [
		0,
		0.5125,
		1.0225,
		0.365,
		0.8775,
		0.22,
		0.73,
		0.0725,
		0.585,
		1.095,
		0.4375,
		0.95,
		0.2925,
		0.805,
		0.145,
		0.6575,
		0,
		0.5125,
		1.0225,
		0.365,
		0.8775,
		0.22,
		0.73,
		0.0725,
		0.585,
		1.095,
		0.4375,
		0.95,
		0.2925,
		0.805,
		0.145,
		0.6575,
		0,
		0.5125,
		1.0225,
		0.365,
		0.8775,
		0.22,
		0.73,
		0.0725,
		0.585,
		1.095,
		0.4375,
		0.95,
		0.2925,
		0.805,
		0.145,
		0.6575,
		0,
		0.5125,
		1.0225,
		0.365,
		0.8775,
		0.22,
		0.73,
		0.0725,
		0.585,
		1.095,
		0.4375,
		0.95,
		0.2925,
		0.805,
		0.145,
		0.6575	],
	"RepetitionTime": 1.19,
	"PhaseEncodingDirection": "j-",
	"EffectiveEchoSpacing": 0.00056999544,
	"EchoTime": 0.03,
	"PatientName": "CBU170197",
	"PatientSex": "M",
	"PatientAge": "021Y",
	"PatientSize": 1.727203,
	"PatientWeight": 70,
	"PatientPosition": "HFS",
	"SliceThickness": 2,
	"FlipAngle": 74,
	"Manufacturer": "SIEMENS",
	"SoftwareVersion": "syngo MR D13D",
	"MRAcquisitionType": "2D",
	"InstitutionName": "CBU",
	"ScanningSequence": "EP",
	"SequenceVariant": "SK\\SS",
	"ScanOptions": "PFP\\FS",
	"SequenceName": "epfid2d1_96"
}
