{
	"NiftiCreator": "dicm2nii.m 20161129",
	"SeriesNumber": 5,
	"SeriesDescription": "CBU_MPRAGE_32chn",
	"ImageType": "ORIGINAL\\PRIMARY\\M\\ND\\NORM",
	"Modality": "MR",
	"AcquisitionDateTime": "20170406170345.930000",
	"RepetitionTime": 2.25,
	"PhaseEncodingDirection": "y-",
	"EchoTime": 0.00302,
	"InversionTime": 0.9,
	"PatientName": "CBU170228",
	"PatientSex": "M",
	"PatientAge": "026Y",
	"PatientSize": 1.77,
	"PatientWeight": 67,
	"PatientPosition": "HFS",
	"SliceThickness": 1,
	"FlipAngle": 9,
	"Manufacturer": "SIEMENS",
	"SoftwareVersion": "syngo MR D13D",
	"MRAcquisitionType": "3D",
	"InstitutionName": "CBU",
	"ScanningSequence": "GR\\IR",
	"SequenceVariant": "SK\\SP\\MP\\OSP",
	"ScanOptions": "IR\\PFP",
	"SequenceName": "*tfl3d1_16ns"
}
